GEM
  remote: https://rubygems.org/
  specs:
    breakpoint (2.7.0)
      sass (~> 3.3)
      sassy-maps (< 1.0.0)
    breakpoint-slicer (1.3.6)
      breakpoint (>= 2.0.1)
      compass (>= 0.12.2)
      sass (>= 3.2.1)
    chunky_png (1.3.5)
    compass (1.0.3)
      chunky_png (~> 1.2)
      compass-core (~> 1.0.2)
      compass-import-once (~> 1.0.5)
      rb-fsevent (>= 0.9.3)
      rb-inotify (>= 0.9)
      sass (>= 3.3.13, < 3.5)
    compass-core (1.0.3)
      multi_json (~> 1.0)
      sass (>= 3.3.0, < 3.5)
    compass-import-once (1.0.5)
      sass (>= 3.2, < 3.5)
    ffi (1.9.10)
    multi_json (1.11.2)
    rake (10.5.0)
    rb-fsevent (0.9.7)
    rb-inotify (0.9.7)
      ffi (>= 0.5.0)
    sass (3.4.22)
    sass-css-importer-load-paths (1.0.0.beta.0)
      sass (>= 3.1)
    sassy-maps (0.4.0)
      sass (~> 3.3)
    scss_lint (0.47.1)
      rake (>= 0.9, < 11)
      sass (~> 3.4.15)

PLATFORMS
  ruby

DEPENDENCIES
  breakpoint-slicer (~> 1.3.6)
  compass (~> 1.0.3)
  sass (~> 3.4.22)
  sass-css-importer-load-paths (~> 1.0.0.beta.0)
  scss_lint (~> 0.47.1)
